PATH
  remote: .
  specs:
    knu (0.0.1)
      httpi
      json
      nokogiri
      rack

GEM
  remote: https://rubygems.org/
  specs:
    diff-lcs (1.1.3)
    httpi (2.0.2)
      rack
    json (1.7.5)
    nokogiri (1.5.6)
    rack (1.5.2)
    rake (10.0.3)
    rspec (2.12.0)
      rspec-core (~> 2.12.0)
      rspec-expectations (~> 2.12.0)
      rspec-mocks (~> 2.12.0)
    rspec-core (2.12.2)
    rspec-expectations (2.12.1)
      diff-lcs (~> 1.1.3)
    rspec-mocks (2.12.1)

PLATFORMS
  ruby

DEPENDENCIES
  knu!
  rake
  rspec
