PATH
  remote: .
  specs:
    knu (0.0.4)
      crack
      rack

GEM
  remote: https://rubygems.org/
  specs:
    crack (0.4.0)
      safe_yaml (~> 0.9.0)
    diff-lcs (1.1.3)
    nokogiri (1.5.6)
    rack (1.5.2)
    rake (10.0.3)
    rspec (2.12.0)
      rspec-core (~> 2.12.0)
      rspec-expectations (~> 2.12.0)
      rspec-mocks (~> 2.12.0)
    rspec-core (2.12.2)
    rspec-expectations (2.12.1)
      diff-lcs (~> 1.1.3)
    rspec-mocks (2.12.1)
    safe_yaml (0.9.3)

PLATFORMS
  ruby

DEPENDENCIES
  knu!
  nokogiri
  rake
  rspec
